GEM
  remote: https://rubygems.org/
  specs:
    activesupport (4.1.9)
      i18n (~> 0.6, >= 0.6.9)
      json (~> 1.7, >= 1.7.7)
      minitest (~> 5.1)
      thread_safe (~> 0.1)
      tzinfo (~> 1.1)
    addressable (2.3.6)
    builder (3.2.3)
    celluloid (0.16.0)
      timers (~> 4.0.0)
    chunky_png (1.3.10)
    coffee-script (2.4.1)
      coffee-script-source
      execjs
    coffee-script-source (1.12.2)
    compass (0.12.7)
      chunky_png (~> 1.2)
      fssm (>= 0.2.7)
      sass (~> 3.2.19)
    compass-import-once (1.0.5)
      sass (>= 3.2, < 3.5)
    em-websocket (0.5.1)
      eventmachine (>= 0.12.9)
      http_parser.rb (~> 0.6.0)
    erubis (2.7.0)
    eventmachine (1.0.9.1)
    execjs (2.7.0)
    ffi (1.9.25)
    fssm (0.2.10)
    github-markup (1.2.1)
      posix-spawn (~> 0.3.8)
    haml (4.0.7)
      tilt
    hike (1.2.3)
    hitimes (1.3.0)
    hooks (0.4.1)
      uber (~> 0.0.14)
    http_parser.rb (0.6.0)
    i18n (0.6.11)
    json (1.8.6)
    kramdown (1.17.0)
    listen (2.10.1)
      celluloid (~> 0.16.0)
      rb-fsevent (>= 0.9.3)
      rb-inotify (>= 0.9)
    middleman (3.3.5)
      coffee-script (~> 2.2)
      compass (>= 0.12.4)
      compass-import-once (= 1.0.5)
      execjs (~> 2.0)
      haml (>= 4.0.5)
      kramdown (~> 1.2)
      middleman-core (= 3.3.5)
      middleman-sprockets (>= 3.1.2)
      sass (>= 3.2.17, < 4.0)
      uglifier (~> 2.5)
    middleman-blog (3.5.3)
      addressable (~> 2.3.5)
      middleman-core (~> 3.2)
      tzinfo (>= 0.3.0)
    middleman-core (3.3.5)
      activesupport (~> 4.1.0)
      bundler (~> 1.1)
      erubis
      hooks (~> 0.3)
      i18n (~> 0.6.9)
      listen (>= 2.7.9, < 3.0)
      padrino-helpers (~> 0.12.3)
      rack (>= 1.4.5, < 2.0)
      rack-test (~> 0.6.2)
      thor (>= 0.15.2, < 2.0)
      tilt (~> 1.4.1, < 2.0)
    middleman-gh-pages (0.0.3)
      rake (> 0.9.3)
    middleman-livereload (3.1.1)
      em-websocket (>= 0.2.0)
      middleman-core (>= 3.0.2)
      multi_json (~> 1.0)
      rack-livereload
    middleman-rouge (0.0.1)
      middleman-core (>= 3.0.0)
      redcarpet (>= 2.2.0)
      rouge (>= 0.3.0)
    middleman-sprockets (3.3.3)
      middleman-core (>= 3.2)
      sprockets (~> 2.2)
      sprockets-helpers (~> 1.1.0)
      sprockets-sass (~> 1.1.0)
    minitest (5.11.3)
    multi_json (1.13.1)
    padrino-helpers (0.12.9)
      i18n (~> 0.6, >= 0.6.7)
      padrino-support (= 0.12.9)
      tilt (>= 1.4.1, < 3)
    padrino-support (0.12.9)
      activesupport (>= 3.1)
    posix-spawn (0.3.8)
    rack (1.6.11)
    rack-livereload (0.3.15)
      rack
    rack-test (0.6.3)
      rack (>= 1.0)
    rake (10.3.2)
    rb-fsevent (0.10.3)
    rb-inotify (0.9.10)
      ffi (>= 0.5.0, < 2)
    redcarpet (3.2.2)
    rouge (1.10.1)
    sass (3.2.19)
    slim (1.3.9)
      temple (~> 0.6.3)
      tilt (~> 1.3, >= 1.3.3)
    sprockets (2.12.5)
      hike (~> 1.2)
      multi_json (~> 1.0)
      rack (~> 1.0)
      tilt (~> 1.1, != 1.3.0)
    sprockets-helpers (1.1.0)
      sprockets (~> 2.0)
    sprockets-sass (1.1.0)
      sprockets (~> 2.0)
      tilt (~> 1.1)
    temple (0.6.7)
    thor (0.20.0)
    thread_safe (0.3.6)
    tilt (1.4.1)
    timers (4.0.4)
      hitimes
    tzinfo (1.2.5)
      thread_safe (~> 0.1)
    uber (0.0.15)
    uglifier (2.7.2)
      execjs (>= 0.3.0)
      json (>= 1.8.0)
    yard (0.8.6.2)

PLATFORMS
  ruby

DEPENDENCIES
  activesupport
  builder (~> 3.0)
  github-markup
  middleman (~> 3.3.5)
  middleman-blog (~> 3.5.3)
  middleman-gh-pages
  middleman-livereload (~> 3.1.0)
  middleman-rouge
  middleman-sprockets
  rake
  redcarpet
  sass
  slim (< 2.0)
  yard (~> 0.8.6.2)

BUNDLED WITH
   1.16.0.pre.1
